GEM
  remote: https://rubygems.org/
  specs:
    json (2.1.0)
    puma (3.8.2)
    rack (2.0.8)

PLATFORMS
  ruby

DEPENDENCIES
  json
  puma
  rack

BUNDLED WITH
   1.15.1
