GEM
  remote: https://rubygems.org/
  specs:
    json (2.1.0)
    puma (3.12.3)
    rack (2.0.3)

PLATFORMS
  ruby

DEPENDENCIES
  json
  puma
  rack

BUNDLED WITH
   1.15.1
